FRAMEWORK: >= NET461
NUGET
  remote: https://api.nuget.org/v3/index.json
    Argu (3.7)
      FSharp.Core (>= 4.0.1.7-alpha) - framework: >= net463
      NETStandard.Library (>= 1.6) - framework: >= net463
      System.Xml.XDocument (>= 4.0.11) - framework: >= net463
    Expecto (4.2.1)
      Argu (>= 3.7)
      FSharp.Core (>= 4.1.12)
      Mono.Cecil (>= 0.9.6.4)
    Fable.JsonConverter (0.1.1)
      FSharp.Core
      Newtonsoft.Json
    FAKE (4.61.1)
    FSharp.Compiler.Tools (4.1.17)
    FSharp.Core (4.1.17)
      System.ValueTuple (>= 4.3)
    FSharp.Data.SqlClient (1.8.2)
    Microsoft.SqlServer.Dac (1.0.3)
    Mono.Cecil (0.9.6.4)
    Newtonsoft.Json (10.0.2)
    SQLProvider (1.0.57)
    Suave (2.1)
      FSharp.Core (>= 4.0.0.1)
    System.ValueTuple (4.3)
  remote: https://dotnet.myget.org/F/dotnet-core
    Microsoft.Win32.Primitives (4.3.0) - framework: >= net463
    NETStandard.Library (1.6.1) - framework: >= net463
      Microsoft.Win32.Primitives (>= 4.3)
      System.AppContext (>= 4.3)
      System.Collections.Concurrent (>= 4.3)
      System.Console (>= 4.3)
      System.Diagnostics.Tracing (>= 4.3)
      System.Globalization.Calendars (>= 4.3)
      System.IO.Compression (>= 4.3)
      System.IO.Compression.ZipFile (>= 4.3)
      System.IO.FileSystem (>= 4.3)
      System.IO.FileSystem.Primitives (>= 4.3)
      System.Net.Http (>= 4.3)
      System.Net.Sockets (>= 4.3)
      System.Runtime.Handles (>= 4.3)
      System.Runtime.InteropServices (>= 4.3)
      System.Runtime.InteropServices.RuntimeInformation (>= 4.3)
      System.Runtime.Numerics (>= 4.3)
      System.Security.Cryptography.Algorithms (>= 4.3)
      System.Security.Cryptography.Encoding (>= 4.3)
      System.Security.Cryptography.Primitives (>= 4.3)
      System.Security.Cryptography.X509Certificates (>= 4.3)
      System.Threading.Timer (>= 4.3)
    System.AppContext (4.3.0) - framework: >= net463
    System.Collections.Concurrent (4.3.0) - framework: >= net463
    System.Console (4.3.0) - framework: >= net463
    System.Diagnostics.Tracing (4.3.0) - framework: >= net463
    System.Globalization.Calendars (4.3.0) - framework: >= net463
    System.IO (4.3.0) - framework: >= net463
    System.IO.Compression (4.3.0) - framework: >= net463
    System.IO.Compression.ZipFile (4.3.0) - framework: >= net463
    System.IO.FileSystem (4.3.0) - framework: >= net463
      System.IO.FileSystem.Primitives (>= 4.3)
    System.IO.FileSystem.Primitives (4.3.0)
    System.Net.Http (4.3.1) - framework: >= net463
      System.Security.Cryptography.X509Certificates (>= 4.3)
    System.Net.Sockets (4.3.0) - framework: >= net463
    System.Runtime (4.3.0)
    System.Runtime.Handles (4.3.0) - framework: >= net463
    System.Runtime.InteropServices (4.3.0) - framework: >= net463
      System.Runtime (>= 4.3) - framework: >= net462
    System.Runtime.InteropServices.RuntimeInformation (4.3.0) - framework: >= net463
    System.Runtime.Numerics (4.3.0) - framework: >= net463
    System.Security.Cryptography.Algorithms (4.3.0)
      System.IO (>= 4.3) - framework: >= net463
      System.Runtime (>= 4.3) - framework: >= net463
      System.Security.Cryptography.Encoding (>= 4.3) - framework: >= net463
      System.Security.Cryptography.Primitives (>= 4.3) - framework: net461, >= net463
    System.Security.Cryptography.Encoding (4.3.0)
    System.Security.Cryptography.Primitives (4.3.0)
    System.Security.Cryptography.X509Certificates (4.3.0)
      System.Security.Cryptography.Algorithms (>= 4.3)
      System.Security.Cryptography.Encoding (>= 4.3)
    System.Threading.Timer (4.3.0) - framework: >= net463
    System.Xml.XDocument (4.3.0) - framework: >= net463
